GEM
  remote: https://rubygems.org/
  specs:
    aws-sdk (2.1.32)
      aws-sdk-resources (= 2.1.32)
    aws-sdk-core (2.1.32)
      jmespath (~> 1.0)
    aws-sdk-resources (2.1.32)
      aws-sdk-core (= 2.1.32)
    celluloid (0.16.0)
      timers (~> 4.0.0)
    coderay (1.1.0)
    hitimes (1.2.3)
    jmespath (1.1.3)
    method_source (0.8.2)
    pry (0.10.1)
      coderay (~> 1.1.0)
      method_source (~> 0.8.1)
      slop (~> 3.4)
    rake (10.4.2)
    shoryuken (2.0.2)
      aws-sdk-core (~> 2)
      celluloid (~> 0.16.0)
    slop (3.6.0)
    timers (4.0.4)
      hitimes

PLATFORMS
  ruby

DEPENDENCIES
  aws-sdk (~> 2)
  pry
  rake
  shoryuken

BUNDLED WITH
   1.10.6
